GEM
  remote: https://rubygems.org/
  specs:
    appraisal (1.0.0)
      bundler
      rake
      thor (>= 0.14.0)
    coderay (1.1.0)
    diff-lcs (1.2.5)
    ethon (0.5.12)
      ffi (>= 1.3.0)
      mime-types (~> 1.18)
    ffi (1.9.0)
    method_source (0.8.2)
    mime-types (1.25.1)
    pry (0.10.0)
      coderay (~> 1.1.0)
      method_source (~> 0.8.1)
      slop (~> 3.4)
    rake (10.3.2)
    rspec (3.0.0)
      rspec-core (~> 3.0.0)
      rspec-expectations (~> 3.0.0)
      rspec-mocks (~> 3.0.0)
    rspec-core (3.0.1)
      rspec-support (~> 3.0.0)
    rspec-expectations (3.0.1)
      diff-lcs (>= 1.2.0, < 2.0)
      rspec-support (~> 3.0.0)
    rspec-mocks (3.0.1)
      rspec-support (~> 3.0.0)
    rspec-support (3.0.0)
    slop (3.5.0)
    sqlite3 (1.3.9)
    thor (0.19.1)
    typhoeus (0.6.3)
      ethon (~> 0.5.11)

PLATFORMS
  ruby

DEPENDENCIES
  appraisal
  pry
  rake
  rspec
  sqlite3
  typhoeus
